NUGET
  remote: https://nuget.org/api/v2
  specs:
    F (1.0.5.0)
      G (>= 1.0)
    FSharp.Compiler.Tools (4.0.0.1)
    G (4.0)
    WebSharper (3.4.14.193)
